GEM
  remote: https://rubygems.org/
  specs:
    actioncable (7.1.3.2)
      actionpack (= 7.1.3.2)
      activesupport (= 7.1.3.2)
      nio4r (~> 2.0)
      websocket-driver (>= 0.6.1)
      zeitwerk (~> 2.6)
    actionmailbox (7.1.3.2)
      actionpack (= 7.1.3.2)
      activejob (= 7.1.3.2)
      activerecord (= 7.1.3.2)
      activestorage (= 7.1.3.2)
      activesupport (= 7.1.3.2)
      mail (>= 2.7.1)
      net-imap
      net-pop
      net-smtp
    actionmailer (7.1.3.2)
      actionpack (= 7.1.3.2)
      actionview (= 7.1.3.2)
      activejob (= 7.1.3.2)
      activesupport (= 7.1.3.2)
      mail (~> 2.5, >= 2.5.4)
      net-imap
      net-pop
      net-smtp
      rails-dom-testing (~> 2.2)
    actionpack (7.1.3.2)
      actionview (= 7.1.3.2)
      activesupport (= 7.1.3.2)
      nokogiri (>= 1.8.5)
      racc
      rack (>= 2.2.4)
      rack-session (>= 1.0.1)
      rack-test (>= 0.6.3)
      rails-dom-testing (~> 2.2)
      rails-html-sanitizer (~> 1.6)
    actiontext (7.1.3.2)
      actionpack (= 7.1.3.2)
      activerecord (= 7.1.3.2)
      activestorage (= 7.1.3.2)
      activesupport (= 7.1.3.2)
      globalid (>= 0.6.0)
      nokogiri (>= 1.8.5)
    actionview (7.1.3.2)
      activesupport (= 7.1.3.2)
      builder (~> 3.1)
      erubi (~> 1.11)
      rails-dom-testing (~> 2.2)
      rails-html-sanitizer (~> 1.6)
    activejob (7.1.3.2)
      activesupport (= 7.1.3.2)
      globalid (>= 0.3.6)
    activemodel (7.1.3.2)
      activesupport (= 7.1.3.2)
    activerecord (7.1.3.2)
      activemodel (= 7.1.3.2)
      activesupport (= 7.1.3.2)
      timeout (>= 0.4.0)
    activestorage (7.1.3.2)
      actionpack (= 7.1.3.2)
      activejob (= 7.1.3.2)
      activerecord (= 7.1.3.2)
      activesupport (= 7.1.3.2)
      marcel (~> 1.0)
    activesupport (7.1.3.2)
      base64
      bigdecimal
      concurrent-ruby (~> 1.0, >= 1.0.2)
      connection_pool (>= 2.2.5)
      drb
      i18n (>= 1.6, < 2)
      minitest (>= 5.1)
      mutex_m
      tzinfo (~> 2.0)
    addressable (2.8.6)
      public_suffix (>= 2.0.2, < 6.0)
    ansi (1.5.0)
    audited (5.4.3)
      activerecord (>= 5.0, < 7.2)
      request_store (~> 1.2)
    autoprefixer-rails (10.4.16.0)
      execjs (~> 2)
    aws-eventstream (1.3.0)
    aws-partitions (1.899.0)
    aws-sdk-core (3.191.4)
      aws-eventstream (~> 1, >= 1.3.0)
      aws-partitions (~> 1, >= 1.651.0)
      aws-sigv4 (~> 1.8)
      jmespath (~> 1, >= 1.6.1)
    aws-sdk-kms (1.78.0)
      aws-sdk-core (~> 3, >= 3.191.0)
      aws-sigv4 (~> 1.1)
    aws-sdk-s3 (1.146.0)
      aws-sdk-core (~> 3, >= 3.191.0)
      aws-sdk-kms (~> 1)
      aws-sigv4 (~> 1.8)
    aws-sigv4 (1.8.0)
      aws-eventstream (~> 1, >= 1.0.2)
    base64 (0.2.0)
    bcrypt (3.1.20)
    better_errors (2.10.1)
      erubi (>= 1.0.0)
      rack (>= 0.9.0)
      rouge (>= 1.0.0)
    bigdecimal (3.1.7)
    bindex (0.8.1)
    binding_of_caller (1.0.1)
      debug_inspector (>= 1.2.0)
    blazer (3.0.3)
      activerecord (>= 6.1)
      chartkick (>= 5)
      csv
      railties (>= 6.1)
      safely_block (>= 0.4)
    bootsnap (1.18.3)
      msgpack (~> 1.2)
    bootstrap (4.6.2)
      autoprefixer-rails (>= 9.1.0)
      popper_js (>= 1.16.1, < 2)
      sassc-rails (>= 2.0.0)
    builder (3.2.4)
    byebug (11.1.3)
    capybara (3.40.0)
      addressable
      matrix
      mini_mime (>= 0.1.3)
      nokogiri (~> 1.11)
      rack (>= 1.6.0)
      rack-test (>= 0.6.3)
      regexp_parser (>= 1.5, < 3.0)
      xpath (~> 3.2)
    chartkick (5.0.6)
    codeclimate-test-reporter (1.0.9)
      simplecov (<= 0.13)
    coderay (1.1.3)
    concurrent-ruby (1.2.3)
    connection_pool (2.4.1)
    crack (1.0.0)
      bigdecimal
      rexml
    crass (1.0.6)
    css_parser (1.16.0)
      addressable
    csv (3.2.8)
    date (3.3.4)
    debug_inspector (1.2.0)
    devise (4.9.3)
      bcrypt (~> 3.0)
      orm_adapter (~> 0.1)
      railties (>= 4.1.0)
      responders
      warden (~> 1.2.3)
    devise-doorkeeper (1.2.0)
      devise
      doorkeeper
      rails
    docile (1.1.5)
    doorkeeper (5.6.9)
      railties (>= 5)
    dotenv (3.1.0)
    dotenv-rails (3.1.0)
      dotenv (= 3.1.0)
      railties (>= 6.1)
    drb (2.2.1)
    erubi (1.12.0)
    et-orbi (1.2.7)
      tzinfo
    excon (0.109.0)
    execjs (2.9.1)
    factory_bot (6.4.6)
      activesupport (>= 5.0.0)
    factory_bot_rails (6.4.3)
      factory_bot (~> 6.4)
      railties (>= 5.0.0)
    faker (3.3.0)
      i18n (>= 1.8.11, < 2)
    faraday (2.9.0)
      faraday-net_http (>= 2.0, < 3.2)
    faraday-net_http (3.1.0)
      net-http
    ffi (1.16.3)
    file_validators (3.0.0)
      activemodel (>= 3.2)
      mime-types (>= 1.0)
    font-awesome-rails (4.7.0.8)
      railties (>= 3.2, < 8.0)
    formatador (1.1.0)
    fugit (1.9.0)
      et-orbi (~> 1, >= 1.2.7)
      raabro (~> 1.4)
    fullcalendar-rails (3.9.0.0)
      jquery-rails (>= 4.0.5, < 5.0.0)
      jquery-ui-rails (>= 5.0.2)
      momentjs-rails (>= 2.9.0)
    globalid (1.2.1)
      activesupport (>= 6.1)
    groupdate (6.4.0)
      activesupport (>= 6.1)
    guard (2.18.1)
      formatador (>= 0.2.4)
      listen (>= 2.7, < 4.0)
      lumberjack (>= 1.0.12, < 2.0)
      nenv (~> 0.1)
      notiffany (~> 0.0)
      pry (>= 0.13.0)
      shellany (~> 0.0)
      thor (>= 0.18.1)
    guard-compat (1.2.1)
    guard-minitest (2.4.6)
      guard-compat (~> 1.2)
      minitest (>= 3.0)
    haml (6.3.0)
      temple (>= 0.8.2)
      thor
      tilt
    haml-rails (2.1.0)
      actionpack (>= 5.1)
      activesupport (>= 5.1)
      haml (>= 4.0.6)
      railties (>= 5.1)
    hashdiff (1.1.0)
    hashie (5.0.0)
    httparty (0.21.0)
      mini_mime (>= 1.0.0)
      multi_xml (>= 0.5.2)
    i18n (1.14.4)
      concurrent-ruby (~> 1.0)
    importmap-rails (2.0.1)
      actionpack (>= 6.0.0)
      activesupport (>= 6.0.0)
      railties (>= 6.0.0)
    io-console (0.7.2)
    irb (1.12.0)
      rdoc
      reline (>= 0.4.2)
    jbuilder (2.11.5)
      actionview (>= 5.0.0)
      activesupport (>= 5.0.0)
    jmespath (1.6.2)
    jquery-rails (4.6.0)
      rails-dom-testing (>= 1, < 3)
      railties (>= 4.2.0)
      thor (>= 0.14, < 2.0)
    jquery-ui-rails (7.0.0)
      railties (>= 3.2.16)
    json (2.7.1)
    jwt (2.7.1)
    listen (3.9.0)
      rb-fsevent (~> 0.10, >= 0.10.3)
      rb-inotify (~> 0.9, >= 0.9.10)
    loofah (2.22.0)
      crass (~> 1.0.2)
      nokogiri (>= 1.12.0)
    lumberjack (1.2.10)
    mail (2.8.1)
      mini_mime (>= 0.1.1)
      net-imap
      net-pop
      net-smtp
    marcel (1.0.2)
    matrix (0.4.2)
    method_source (1.0.0)
    mime-types (3.5.2)
      mime-types-data (~> 3.2015)
    mime-types-data (3.2024.0206)
    mini_mime (1.1.5)
    mini_portile2 (2.8.5)
    minitest (5.22.3)
    minitest-reporters (1.6.1)
      ansi
      builder
      minitest (>= 5.0)
      ruby-progressbar
    momentjs-rails (2.29.4.1)
      railties (>= 3.1)
    msgpack (1.7.2)
    multi_json (1.15.0)
    multi_xml (0.6.0)
    mustache (1.1.1)
    mutex_m (0.2.0)
    mysql2 (0.5.6)
    nenv (0.3.0)
    net-http (0.4.1)
      uri
    net-imap (0.4.10)
      date
      net-protocol
    net-pop (0.1.2)
      net-protocol
    net-protocol (0.2.2)
      timeout
    net-smtp (0.4.0.1)
      net-protocol
    nio4r (2.7.0)
    nokogiri (1.16.3)
      mini_portile2 (~> 2.8.2)
      racc (~> 1.4)
    notiffany (0.1.3)
      nenv (~> 0.1)
      shellany (~> 0.0)
    oauth2 (1.4.11)
      faraday (>= 0.17.3, < 3.0)
      jwt (>= 1.0, < 3.0)
      multi_json (~> 1.3)
      multi_xml (~> 0.5)
      rack (>= 1.2, < 4)
    omniauth (1.9.2)
      hashie (>= 3.4.6)
      rack (>= 1.6.2, < 3)
    omniauth-mlh (0.4.2)
      activesupport
      omniauth (~> 1.0)
      omniauth-oauth2 (~> 1.3.1)
    omniauth-oauth2 (1.3.1)
      oauth2 (~> 1.0)
      omniauth (~> 1.2)
    omniauth-rails_csrf_protection (0.1.2)
      actionpack (>= 4.2)
      omniauth (>= 1.3.1)
    orm_adapter (0.5.0)
    pagy (7.0.11)
    pg_search (2.3.6)
      activerecord (>= 5.2)
      activesupport (>= 5.2)
    popper_js (1.16.1)
    power_assert (2.0.3)
    pry (0.14.2)
      coderay (~> 1.1)
      method_source (~> 1.0)
    psych (5.1.2)
      stringio
    public_suffix (5.0.4)
    puma (6.4.2)
      nio4r (~> 2.0)
    raabro (1.4.0)
    racc (1.7.3)
    rack (2.2.8.1)
    rack-cors (2.0.2)
      rack (>= 2.0.0)
    rack-session (1.0.2)
      rack (< 3)
    rack-test (2.1.0)
      rack (>= 1.3)
    rackup (1.0.0)
      rack (< 3)
      webrick
    rails (7.1.3.2)
      actioncable (= 7.1.3.2)
      actionmailbox (= 7.1.3.2)
      actionmailer (= 7.1.3.2)
      actionpack (= 7.1.3.2)
      actiontext (= 7.1.3.2)
      actionview (= 7.1.3.2)
      activejob (= 7.1.3.2)
      activemodel (= 7.1.3.2)
      activerecord (= 7.1.3.2)
      activestorage (= 7.1.3.2)
      activesupport (= 7.1.3.2)
      bundler (>= 1.15.0)
      railties (= 7.1.3.2)
    rails-controller-testing (1.0.5)
      actionpack (>= 5.0.1.rc1)
      actionview (>= 5.0.1.rc1)
      activesupport (>= 5.0.1.rc1)
    rails-dom-testing (2.2.0)
      activesupport (>= 5.0.0)
      minitest
      nokogiri (>= 1.6)
    rails-html-sanitizer (1.6.0)
      loofah (~> 2.21)
      nokogiri (~> 1.14)
    rails-settings-cached (2.9.4)
      activerecord (>= 5.0.0)
      railties (>= 5.0.0)
    rails_12factor (0.0.3)
      rails_serve_static_assets
      rails_stdout_logging
    rails_serve_static_assets (0.0.5)
    rails_stdout_logging (0.0.5)
    railties (7.1.3.2)
      actionpack (= 7.1.3.2)
      activesupport (= 7.1.3.2)
      irb
      rackup (>= 1.0.0)
      rake (>= 12.2)
      thor (~> 1.0, >= 1.2.2)
      zeitwerk (~> 2.6)
    rake (13.1.0)
    ransack (4.1.1)
      activerecord (>= 6.1.5)
      activesupport (>= 6.1.5)
      i18n
    rb-fsevent (0.11.2)
    rb-inotify (0.10.1)
      ffi (~> 1.0)
    rdoc (6.6.3.1)
      psych (>= 4.0.0)
    redcarpet (3.6.0)
    redis (5.1.0)
      redis-client (>= 0.17.0)
    redis-client (0.21.0)
      connection_pool
    regexp_parser (2.9.0)
    reline (0.4.3)
      io-console (~> 0.5)
    request_store (1.6.0)
      rack (>= 1.4)
    responders (3.1.1)
      actionpack (>= 5.2)
      railties (>= 5.2)
    rexml (3.2.6)
    roadie (5.2.1)
      css_parser (~> 1.4)
      nokogiri (~> 1.15)
    roadie-rails (3.1.0)
      railties (>= 5.1, < 8.0)
      roadie (~> 5.0)
    rollbar (3.5.2)
    rouge (4.2.0)
    ruby-progressbar (1.13.0)
    ruby_http_client (3.5.5)
    rubyzip (2.3.2)
    safely_block (0.4.0)
    sass-rails (6.0.0)
      sassc-rails (~> 2.1, >= 2.1.1)
    sassc (2.4.0)
      ffi (~> 1.9)
    sassc-rails (2.1.2)
      railties (>= 4.0.0)
      sassc (>= 2.0)
      sprockets (> 3.0)
      sprockets-rails
      tilt
    selectize-rails (0.12.6)
    selenium-webdriver (4.19.0)
      base64 (~> 0.2)
      rexml (~> 3.2, >= 3.2.5)
      rubyzip (>= 1.2.2, < 3.0)
      websocket (~> 1.0)
    sendgrid-actionmailer (3.2.0)
      mail (~> 2.7)
      sendgrid-ruby (~> 6.4)
    sendgrid-ruby (6.7.0)
      ruby_http_client (~> 3.4)
    shellany (0.0.1)
    shoulda (4.0.0)
      shoulda-context (~> 2.0)
      shoulda-matchers (~> 4.0)
    shoulda-context (2.0.0)
    shoulda-matchers (4.5.1)
      activesupport (>= 4.2.0)
    sidekiq (7.2.2)
      concurrent-ruby (< 2)
      connection_pool (>= 2.3.0)
      rack (>= 2.2.4)
      redis-client (>= 0.19.0)
    sidekiq-cron (1.12.0)
      fugit (~> 1.8)
      globalid (>= 1.0.1)
      sidekiq (>= 6)
    simple_form (5.3.0)
      actionpack (>= 5.2)
      activemodel (>= 5.2)
    simple_spark (1.0.12)
      excon (>= 0.16.0, < 1.0)
      json (>= 1.7.7, < 3.0)
    simplecov (0.13.0)
      docile (~> 1.1.0)
      json (>= 1.8, < 3)
      simplecov-html (~> 0.10.0)
    simplecov-html (0.10.2)
    spring (4.1.3)
    spring-watcher-listen (2.1.0)
      listen (>= 2.7, < 4.0)
      spring (>= 4)
    sprockets (4.2.1)
      concurrent-ruby (~> 1.0)
      rack (>= 2.2.4, < 4)
    sprockets-rails (3.4.2)
      actionpack (>= 5.2)
      activesupport (>= 5.2)
      sprockets (>= 3.0.0)
    stimulus-rails (1.3.3)
      railties (>= 6.0.0)
    stringio (3.1.0)
    strip_attributes (1.13.0)
      activemodel (>= 3.0, < 8.0)
    temple (0.10.3)
    test-unit (3.6.2)
      power_assert
    thor (1.3.1)
    tilt (2.3.0)
    timecop (0.9.8)
    timeout (0.4.1)
    turbo-rails (2.0.5)
      actionpack (>= 6.0.0)
      activejob (>= 6.0.0)
      railties (>= 6.0.0)
    tzinfo (2.0.6)
      concurrent-ruby (~> 1.0)
    uri (0.13.0)
    valid_attribute (2.0.0)
    validate_url (1.0.15)
      activemodel (>= 3.0.0)
      public_suffix
    warden (1.2.9)
      rack (>= 2.0.9)
    web-console (4.2.1)
      actionview (>= 6.0.0)
      activemodel (>= 6.0.0)
      bindex (>= 0.4.0)
      railties (>= 6.0.0)
    webmock (3.23.0)
      addressable (>= 2.8.0)
      crack (>= 0.3.2)
      hashdiff (>= 0.4.0, < 2.0.0)
    webrick (1.8.1)
    websocket (1.2.10)
    websocket-driver (0.7.6)
      websocket-extensions (>= 0.1.0)
    websocket-extensions (0.1.5)
    xpath (3.2.0)
      nokogiri (~> 1.8)
    zeitwerk (2.6.13)

PLATFORMS
  -darwin-23
  ruby

DEPENDENCIES
  audited
  aws-sdk-s3
  better_errors
  binding_of_caller
  blazer
  bootsnap
  bootstrap (~> 4.6.0)
  byebug
  capybara (>= 2.15)
  chartkick (~> 5.0)
  codeclimate-test-reporter (~> 1.0.7)
  devise
  devise-doorkeeper
  doorkeeper (~> 5.6)
  dotenv-rails
  factory_bot_rails (~> 6.4.3)
  faker
  file_validators
  font-awesome-rails (~> 4.7)
  fullcalendar-rails
  groupdate
  guard
  guard-minitest
  haml-rails
  httparty
  importmap-rails
  jbuilder
  jquery-rails
  jquery-ui-rails
  listen (>= 3.0.5, < 3.10)
  minitest-reporters
  momentjs-rails
  mustache
  mysql2 (>= 0.4.4, < 0.6.0)
  omniauth-mlh (~> 0.4.2)
  omniauth-rails_csrf_protection
  pagy
  pg_search
  puma (>= 5.0)
  rack-cors
  rails (~> 7.1.3)
  rails-controller-testing
  rails-settings-cached (~> 2.9.0)
  rails_12factor
  ransack
  redcarpet
  redis (>= 4.0.1)
  roadie-rails
  rollbar (~> 3.5)
  rubyzip (>= 1.3.0)
  sass-rails (~> 6.0)
  selectize-rails
  selenium-webdriver
  sendgrid-actionmailer
  shoulda (~> 4.0.0)
  shoulda-matchers (~> 4.5.1)
  sidekiq
  sidekiq-cron
  simple_form (~> 5.3.0)
  simple_spark
  simplecov
  spring
  spring-watcher-listen (~> 2.1.0)
  sprockets
  stimulus-rails
  strip_attributes
  test-unit (~> 3.6)
  timecop
  turbo-rails
  valid_attribute
  validate_url
  web-console (>= 3.3.0)
  webmock (~> 3.23)

RUBY VERSION
   ruby 3.0.6p216

BUNDLED WITH
   2.5.6
